PATH
  remote: .
  specs:
    yugis_card_shop (0.1.0)

GEM
  remote: https://rubygems.org/
  specs:
    rake (13.0.3)

PLATFORMS
  x86_64-linux

DEPENDENCIES
  rake (~> 13.0)
  yugis_card_shop!

BUNDLED WITH
   2.2.4
